ObjectType = Image
NDims = 3
BinaryData = True
BinaryDataByteOrderMSB = False
CompressedData = False
TransformMatrix = 1 0 0 0 1 0 0 0 1
Offset = 0 0 0
ElementSpacing = 0.5 0.5 0.5
DimSize = 67 177 41
ElementType = MET_USHORT
ElementDataFile = digimouse.raw
